PATH
  remote: .
  specs:
    selenium-webdriver (3.10.0)
      childprocess (~> 0.5)
      rubyzip (~> 1.2)

GEM
  remote: https://rubygems.org/
  specs:
    addressable (2.7.0)
      public_suffix (>= 2.0.2, < 5.0)
    ast (2.4.2)
    childprocess (0.9.0)
      ffi (~> 1.0, >= 1.0.11)
    crack (0.4.5)
      rexml
    diff-lcs (1.4.4)
    ffi (1.15.3)
    hashdiff (1.0.1)
    parallel (1.20.1)
    parser (2.7.2.0)
      ast (~> 2.4.1)
    powerpack (0.1.3)
    public_suffix (4.0.6)
    rack (1.6.13)
    rainbow (2.2.2)
      rake
    rake (13.0.3)
    rexml (3.2.5)
    rspec (3.10.0)
      rspec-core (~> 3.10.0)
      rspec-expectations (~> 3.10.0)
      rspec-mocks (~> 3.10.0)
    rspec-core (3.10.1)
      rspec-support (~> 3.10.0)
    rspec-expectations (3.10.1)
      diff-lcs (>= 1.2.0, < 2.0)
      rspec-support (~> 3.10.0)
    rspec-mocks (3.10.2)
      diff-lcs (>= 1.2.0, < 2.0)
      rspec-support (~> 3.10.0)
    rspec-support (3.10.2)
    rubocop (0.50.0)
      parallel (~> 1.10)
      parser (>= 2.3.3.1, < 3.0)
      powerpack (~> 0.1)
      rainbow (>= 2.2.2, < 3.0)
      ruby-progressbar (~> 1.7)
      unicode-display_width (~> 1.0, >= 1.0.1)
    ruby-progressbar (1.11.0)
    rubyzip (1.3.0)
    unicode-display_width (1.7.0)
    webmock (2.3.2)
      addressable (>= 2.3.6)
      crack (>= 0.3.2)
      hashdiff
    yard (0.9.26)

PLATFORMS
  x86_64-linux

DEPENDENCIES
  rack (~> 1.0)
  rspec (~> 3.0)
  rubocop (~> 0.50.0)
  selenium-webdriver!
  webmock (~> 2.0)
  yard (~> 0.9.11)

BUNDLED WITH
   2.2.21
