PATH
  remote: .
  specs:
    whenever-test (1.0.0)
      whenever

GEM
  remote: https://rubygems.org/
  specs:
    byebug (4.0.5)
      columnize (= 0.9.0)
    chronic (0.10.2)
    coderay (1.1.0)
    columnize (0.9.0)
    metaclass (0.0.4)
    method_source (0.8.2)
    minitest (5.7.0)
    mocha (0.14.0)
      metaclass (~> 0.0.1)
    pry (0.10.1)
      coderay (~> 1.1.0)
      method_source (~> 0.8.1)
      slop (~> 3.4)
    pry-byebug (3.1.0)
      byebug (~> 4.0)
      pry (~> 0.10)
    rake (10.4.2)
    slop (3.6.0)
    whenever (0.9.4)
      chronic (>= 0.6.3)

PLATFORMS
  ruby

DEPENDENCIES
  bundler
  minitest
  mocha
  pry-byebug
  rake
  whenever-test!

BUNDLED WITH
   1.10.4
